GEM
  remote: https://rubygems.org/
  specs:
    diff-lcs (1.2.5)
    faker (1.4.3)
      i18n (~> 0.5)
    i18n (0.7.0)
    pg (0.18.1)
    rack (1.6.0)
    rack-protection (1.5.3)
      rack
    rack-test (0.6.3)
      rack (>= 1.0)
    rake (10.4.2)
    rspec (3.2.0)
      rspec-core (~> 3.2.0)
      rspec-expectations (~> 3.2.0)
      rspec-mocks (~> 3.2.0)
    rspec-core (3.2.0)
      rspec-support (~> 3.2.0)
    rspec-expectations (3.2.0)
      diff-lcs (>= 1.2.0, < 2.0)
      rspec-support (~> 3.2.0)
    rspec-mocks (3.2.0)
      diff-lcs (>= 1.2.0, < 2.0)
      rspec-support (~> 3.2.0)
    rspec-support (3.2.0)
    sinatra (1.4.6)
      rack (~> 1.4)
      rack-protection (~> 1.4)
    tilt (2.0.1)

PLATFORMS
  ruby

DEPENDENCIES
  diff-lcs (~> 1.2.5)
  faker
  pg
  rack
  rack-test
  rake (~> 10.4.2)
  rspec
  sinatra
  tilt (~> 2.0.1)
